GEM
  remote: https://rubygems.org/
  specs:
    byebug (11.1.3)
    rubycop (1.0.1)

PLATFORMS
  x86_64-linux

DEPENDENCIES
  byebug
  rubycop

BUNDLED WITH
   2.3.11
